GIT
  remote: git://github.com/datamapper/dm-core.git
  revision: 9224447f73ff861a0870135564d1aa5df37b6eaa
  branch: release-1.2
  specs:
    dm-core (1.2.1)
      addressable (~> 2.3.3)

GIT
  remote: git://github.com/datamapper/do.git
  revision: d7cb262d89a16eca86f85c10b88613529e1a992b
  ref: d7cb262d89a1
  specs:
    data_objects (0.10.6)
      addressable (~> 2.1)
    do_mysql (0.10.6)
      data_objects (= 0.10.6)
    do_postgres (0.10.6)
      data_objects (= 0.10.6)
    do_sqlite3 (0.10.6)
      data_objects (= 0.10.6)

GIT
  remote: git://github.com/yayugu/dm-pagination.git
  revision: ab6e85d1b9e7d8d8ee69921bd0796f20d34a5e89
  specs:
    dm-pager (1.1.1)

GEM
  remote: https://rubygems.org/
  specs:
    RedCloth (4.2.9)
    abstract (1.0.0)
    activesupport (3.1.12)
      multi_json (~> 1.0)
    addressable (2.3.4)
    backports (2.3.0)
    bcrypt-ruby (3.0.1)
    bond (0.4.3)
    builder (3.0.0)
    chunky_png (1.2.8)
    coderay (1.0.5)
    compass (0.12.2)
      chunky_png (~> 1.2)
      fssm (>= 0.2.7)
      sass (~> 3.1)
    database_cleaner (0.7.1)
    diff-lcs (1.1.3)
    dm-aggregates (1.2.0)
      dm-core (~> 1.2.0)
    dm-do-adapter (1.2.0)
      data_objects (~> 0.10.6)
      dm-core (~> 1.2.0)
    dm-is-searchable (1.2.0)
      dm-core (~> 1.2.0)
    dm-is-tree (1.2.0)
      dm-core (~> 1.2.0)
    dm-migrations (1.2.0)
      dm-core (~> 1.2.0)
    dm-mysql-adapter (1.2.0)
      dm-do-adapter (~> 1.2.0)
      do_mysql (~> 0.10.6)
    dm-postgres-adapter (1.2.0)
      dm-do-adapter (~> 1.2.0)
      do_postgres (~> 0.10.6)
    dm-sqlite-adapter (1.2.0)
      dm-do-adapter (~> 1.2.0)
      do_sqlite3 (~> 0.10.6)
    dm-tags (1.2.0)
      dm-core (~> 1.2.0)
    dm-timestamps (1.2.0)
      dm-core (~> 1.2.0)
    dm-types (1.2.0)
      bcrypt-ruby (~> 3.0.0)
      dm-core (~> 1.2.0)
      fastercsv (~> 1.5.4)
      json (~> 1.5.4)
      multi_json (~> 1.0.3)
      stringex (~> 1.3.0)
      uuidtools (~> 2.1.2)
    dm-validations (1.2.0)
      dm-core (~> 1.2.0)
    erubis (2.6.6)
      abstract (>= 1.0.0)
    eventmachine (1.0.3)
    expression_parser (0.9.0)
    factory_girl (2.6.1)
      activesupport (>= 2.3.9)
    fastercsv (1.5.5)
    fssm (0.2.10)
    haml (3.1.8)
    http_router (0.11.0)
      rack (>= 1.0.0)
      url_mount (~> 0.2.1)
    i18n (0.6.0)
    json (1.5.5)
    kramdown (1.0.2)
    multi_json (1.0.4)
    nokogiri (1.5.9)
    padrino-core (0.11.2)
      activesupport (>= 3.1.0)
      http_router (~> 0.11.0)
      rack-protection (>= 1.5.0)
      sinatra (~> 1.4.2)
      thor (~> 0.17.0)
      tilt (~> 1.3.7)
    padrino-helpers (0.11.2)
      i18n (~> 0.6)
      padrino-core (= 0.11.2)
    rack (1.5.2)
    rack-flash (0.1.2)
      rack
    rack-protection (1.5.0)
      rack
    rack-test (0.6.1)
      rack (>= 1.0)
    rake (10.0.4)
    redcarpet (2.3.0)
    ripl (0.7.0)
      bond (~> 0.4.2)
    ripl-multi_line (0.3.1)
      ripl (>= 0.3.6)
    ripl-rack (0.2.0)
      rack (>= 1.0)
      rack-test (>= 0.5)
      ripl (>= 0.3.5)
    rspec (2.8.0)
      rspec-core (~> 2.8.0)
      rspec-expectations (~> 2.8.0)
      rspec-mocks (~> 2.8.0)
    rspec-core (2.8.0)
    rspec-expectations (2.8.0)
      diff-lcs (~> 1.1.2)
    rspec-mocks (2.8.0)
    sass (3.2.9)
    simplecov (0.7.1)
      multi_json (~> 1.0)
      simplecov-html (~> 0.7.1)
    simplecov-html (0.7.1)
    sinatra (1.4.2)
      rack (~> 1.5, >= 1.5.2)
      rack-protection (~> 1.4)
      tilt (~> 1.3, >= 1.3.4)
    sinatra-contrib (1.4.0)
      backports (>= 2.0)
      eventmachine
      rack-protection
      rack-test
      sinatra (~> 1.4.2)
      tilt (~> 1.3)
    sinatra-flash (0.3.0)
      sinatra (>= 1.0.0)
    slim (0.9.4)
      temple (~> 0.3.0)
      tilt (~> 1.2)
    stringex (1.3.2)
    tapp (1.3.0)
      thor
    temple (0.3.5)
    thor (0.17.0)
    tilt (1.3.7)
    tux (0.3.0)
      ripl (>= 0.3.5)
      ripl-multi_line (>= 0.2.4)
      ripl-rack (>= 0.2.0)
      sinatra (>= 1.2.1)
    url_mount (0.2.1)
      rack
    uuidtools (2.1.4)
    wikicloth (0.7.1)
      builder
      expression_parser
    yard (0.8.6.1)
    yard-sinatra (1.0.0)
      yard (~> 0.7)

PLATFORMS
  ruby

DEPENDENCIES
  RedCloth (= 4.2.9)
  activesupport (~> 3.1.1)
  backports (= 2.3.0)
  builder (= 3.0.0)
  bundler
  coderay (= 1.0.5)
  compass
  data_objects!
  database_cleaner (= 0.7.1)
  dm-aggregates (= 1.2.0)
  dm-core!
  dm-is-searchable (= 1.2.0)
  dm-is-tree (= 1.2.0)
  dm-migrations (= 1.2.0)
  dm-mysql-adapter (= 1.2.0)
  dm-pager!
  dm-postgres-adapter (= 1.2.0)
  dm-sqlite-adapter (= 1.2.0)
  dm-tags (= 1.2.0)
  dm-timestamps (= 1.2.0)
  dm-types (= 1.2.0)
  dm-validations (= 1.2.0)
  erubis (~> 2.6.6)
  factory_girl (= 2.6.1)
  haml (~> 3.1.1)
  i18n (= 0.6.0)
  kramdown
  nokogiri (~> 1.5.2)
  padrino-helpers (= 0.11.2)
  rack
  rack-flash (~> 0.1.2)
  rack-test (= 0.6.1)
  rake
  redcarpet
  rspec (= 2.8.0)
  sass (~> 3.2.8)
  simplecov
  sinatra (~> 1.4.2)
  sinatra-contrib (~> 1.4.0)
  sinatra-flash (~> 0.3.0)
  slim (~> 0.9.2)
  stringex (= 1.3.2)
  tapp (= 1.3.0)
  tux
  wikicloth (= 0.7.1)
  yard-sinatra (= 1.0.0)
