GIT
  remote: git://github.com/datamapper/do.git
  revision: d7cb262d89a16eca86f85c10b88613529e1a992b
  ref: d7cb262d89a1
  specs:
    data_objects (0.10.6)
      addressable (~> 2.1)
    do_mysql (0.10.6)
      data_objects (= 0.10.6)
    do_postgres (0.10.6)
      data_objects (= 0.10.6)
    do_sqlite3 (0.10.6)
      data_objects (= 0.10.6)

GIT
  remote: git://github.com/yayugu/dm-pagination.git
  revision: ab6e85d1b9e7d8d8ee69921bd0796f20d34a5e89
  specs:
    dm-pager (1.1.1)

GEM
  remote: http://rubygems.org/
  specs:
    abstract (1.0.0)
    activesupport (3.0.7)
    addressable (2.2.6)
    backports (2.3.0)
    bcrypt-ruby (3.0.1)
    bond (0.4.1)
    builder (3.0.0)
    diff-lcs (1.1.3)
    dm-aggregates (1.2.0.rc2)
      dm-core (~> 1.2.0.rc2)
    dm-core (1.2.0.rc2)
      addressable (~> 2.2.6)
    dm-do-adapter (1.2.0.rc2)
      data_objects (~> 0.10.6)
      dm-core (~> 1.2.0.rc2)
    dm-is-searchable (1.2.0.rc2)
      dm-core (~> 1.2.0.rc2)
    dm-is-tree (1.2.0.rc2)
      dm-core (~> 1.2.0.rc2)
    dm-migrations (1.2.0.rc2)
      dm-core (~> 1.2.0.rc2)
    dm-mysql-adapter (1.2.0.rc2)
      dm-do-adapter (~> 1.2.0.rc2)
      do_mysql (~> 0.10.6)
    dm-postgres-adapter (1.2.0.rc2)
      dm-do-adapter (~> 1.2.0.rc2)
      do_postgres (~> 0.10.6)
    dm-sqlite-adapter (1.2.0.rc2)
      dm-do-adapter (~> 1.2.0.rc2)
      do_sqlite3 (~> 0.10.6)
    dm-tags (1.2.0.rc2)
      dm-core (~> 1.2.0.rc2)
    dm-timestamps (1.2.0.rc2)
      dm-core (~> 1.2.0.rc2)
    dm-types (1.2.0.rc2)
      bcrypt-ruby (~> 3.0.0)
      dm-core (~> 1.2.0.rc2)
      fastercsv (~> 1.5.4)
      json (~> 1.5.4)
      multi_json (~> 1.0.3)
      stringex (~> 1.3.0)
      uuidtools (~> 2.1.2)
    dm-validations (1.2.0.rc2)
      dm-core (~> 1.2.0.rc2)
    erubis (2.6.6)
      abstract (>= 1.0.0)
    eventmachine (0.12.10)
    fastercsv (1.5.4)
    haml (3.1.1)
    i18n (0.5.0)
    json (1.5.4)
    multi_json (1.0.3)
    nokogiri (1.5.0)
    r18n-core (0.4.9)
    rack (1.3.4)
    rack-flash (0.1.1)
      rack
    rack-protection (1.1.4)
      rack
    rack-test (0.6.0)
      rack (>= 1.0)
    rake (0.8.7)
    ripl (0.5.1)
      bond (~> 0.4.0)
    ripl-multi_line (0.3.0)
      ripl (>= 0.3.6)
    ripl-rack (0.2.0)
      rack (>= 1.0)
      rack-test (>= 0.5)
      ripl (>= 0.3.5)
    rspec (2.6.0)
      rspec-core (~> 2.6.0)
      rspec-expectations (~> 2.6.0)
      rspec-mocks (~> 2.6.0)
    rspec-core (2.6.4)
    rspec-expectations (2.6.0)
      diff-lcs (~> 1.1.2)
    rspec-mocks (2.6.0)
    sass (3.1.1)
    simplecov (0.5.4)
      multi_json (~> 1.0.3)
      simplecov-html (~> 0.5.3)
    simplecov-html (0.5.3)
    sinatra (1.3.1)
      rack (~> 1.3, >= 1.3.4)
      rack-protection (~> 1.1, >= 1.1.2)
      tilt (~> 1.3, >= 1.3.3)
    sinatra-content-for (0.2)
      sinatra
    sinatra-contrib (1.3.1)
      backports (>= 2.0)
      eventmachine
      rack-protection
      rack-test
      sinatra (~> 1.3.0)
      tilt (~> 1.3)
    sinatra-r18n (0.4.9)
      r18n-core (= 0.4.9)
    slim (0.9.2)
      temple (~> 0.2.0)
      tilt (~> 1.2)
    stringex (1.3.0)
    temple (0.2.0)
    tilt (1.3.3)
    tux (0.3.0)
      ripl (>= 0.3.5)
      ripl-multi_line (>= 0.2.4)
      ripl-rack (>= 0.2.0)
      sinatra (>= 1.2.1)
    uuidtools (2.1.2)

PLATFORMS
  ruby

DEPENDENCIES
  activesupport (= 3.0.7)
  builder (= 3.0.0)
  bundler (~> 1.0.7)
  data_objects!
  dm-aggregates (= 1.2.0.rc2)
  dm-core (= 1.2.0.rc2)
  dm-is-searchable (= 1.2.0.rc2)
  dm-is-tree (= 1.2.0.rc2)
  dm-migrations (= 1.2.0.rc2)
  dm-mysql-adapter (= 1.2.0.rc2)
  dm-pager!
  dm-postgres-adapter (= 1.2.0.rc2)
  dm-sqlite-adapter (= 1.2.0.rc2)
  dm-tags (= 1.2.0.rc2)
  dm-timestamps (= 1.2.0.rc2)
  dm-types (= 1.2.0.rc2)
  dm-validations (= 1.2.0.rc2)
  erubis (= 2.6.6)
  haml (= 3.1.1)
  i18n (= 0.5.0)
  nokogiri
  rack (= 1.3.4)
  rack-flash (= 0.1.1)
  rack-test (= 0.6.0)
  rake (= 0.8.7)
  rspec (~> 2.5)
  sass (= 3.1.1)
  simplecov
  sinatra (= 1.3.1)
  sinatra-content-for (= 0.2)
  sinatra-contrib (= 1.3.1)
  sinatra-r18n (= 0.4.9)
  slim (= 0.9.2)
  tux
