GIT
  remote: git://github.com/datamapper/dm-types.git
  revision: 52d223bc8c1495125710500b85282d1cfa229b67
  specs:
    dm-types (1.1.1)
      bcrypt-ruby (~> 2.1.4)
      dm-core (~> 1.1.0)
      fastercsv (~> 1.5.4)
      json (~> 1.5.1)
      multi_json (~> 1.0.3)
      stringex (~> 1.2.0)
      uuidtools (~> 2.1.2)

GIT
  remote: git://github.com/komagata/dm-tags.git
  revision: 04909e276669367fd1a5174429d0bb26b8b67ae6
  specs:
    dm-tags (1.1.1)
      dm-core (~> 1.1.0)

GIT
  remote: git://github.com/yayugu/dm-do-adapter.git
  revision: 65d9a814a7be1d76670fee10031d88cc487dac10
  branch: 1.1.0.fix
  specs:
    dm-do-adapter (1.1.0)
      data_objects (~> 0.10.2)
      dm-core (~> 1.1.0)

GEM
  remote: http://rubygems.org/
  specs:
    abstract (1.0.0)
    activesupport (3.0.7)
    addressable (2.2.6)
    bcrypt-ruby (2.1.4)
    bond (0.4.1)
    builder (3.0.0)
    data_objects (0.10.6)
      addressable (~> 2.1)
    diff-lcs (1.1.2)
    dm-aggregates (1.1.0)
      dm-core (~> 1.1.0)
    dm-core (1.1.0)
      addressable (~> 2.2.4)
    dm-is-searchable (1.1.0)
      dm-core (~> 1.1.0)
    dm-is-tree (1.1.0)
      dm-core (~> 1.1.0)
    dm-migrations (1.1.0)
      dm-core (~> 1.1.0)
    dm-mysql-adapter (1.1.0)
      dm-do-adapter (~> 1.1.0)
      do_mysql (~> 0.10.2)
    dm-pager (1.1.0)
      dm-aggregates (>= 0.10.1)
      dm-core (>= 0.10.1)
    dm-postgres-adapter (1.1.0)
      dm-do-adapter (~> 1.1.0)
      do_postgres (~> 0.10.2)
    dm-sqlite-adapter (1.1.0)
      dm-do-adapter (~> 1.1.0)
      do_sqlite3 (~> 0.10.2)
    dm-timestamps (1.1.0)
      dm-core (~> 1.1.0)
    dm-validations (1.1.0)
      dm-core (~> 1.1.0)
    do_mysql (0.10.6)
      data_objects (= 0.10.6)
    do_postgres (0.10.6)
      data_objects (= 0.10.6)
    do_sqlite3 (0.10.6)
      data_objects (= 0.10.6)
    erubis (2.6.6)
      abstract (>= 1.0.0)
    fastercsv (1.5.4)
    haml (3.1.1)
    i18n (0.5.0)
    json (1.5.3)
    multi_json (1.0.3)
    nokogiri (1.5.0)
    r18n-core (0.4.9)
    rack (1.3.2)
    rack-flash (0.1.1)
      rack
    rack-protection (1.1.2)
      rack
    rack-test (0.6.0)
      rack (>= 1.0)
    rake (0.8.7)
    ripl (0.5.1)
      bond (~> 0.4.0)
    ripl-multi_line (0.3.0)
      ripl (>= 0.3.6)
    ripl-rack (0.2.0)
      rack (>= 1.0)
      rack-test (>= 0.5)
      ripl (>= 0.3.5)
    rspec (2.6.0)
      rspec-core (~> 2.6.0)
      rspec-expectations (~> 2.6.0)
      rspec-mocks (~> 2.6.0)
    rspec-core (2.6.4)
    rspec-expectations (2.6.0)
      diff-lcs (~> 1.1.2)
    rspec-mocks (2.6.0)
    sass (3.1.1)
    simplecov (0.5.3)
      multi_json (~> 1.0.3)
      simplecov-html (~> 0.5.3)
    simplecov-html (0.5.3)
    sinatra (1.3.0)
      rack (~> 1.3)
      rack-protection (~> 1.1)
      tilt (~> 1.3)
    sinatra-content-for (0.2)
      sinatra
    sinatra-r18n (0.4.9)
      r18n-core (= 0.4.9)
    slim (0.9.2)
      temple (~> 0.2.0)
      tilt (~> 1.2)
    stringex (1.2.2)
    temple (0.2.0)
    tilt (1.3.3)
    tux (0.3.0)
      ripl (>= 0.3.5)
      ripl-multi_line (>= 0.2.4)
      ripl-rack (>= 0.2.0)
      sinatra (>= 1.2.1)
    uuidtools (2.1.2)

PLATFORMS
  ruby

DEPENDENCIES
  activesupport (= 3.0.7)
  builder (= 3.0.0)
  bundler (~> 1.0.7)
  dm-core (= 1.1.0)
  dm-do-adapter!
  dm-is-searchable (= 1.1.0)
  dm-is-tree (= 1.1.0)
  dm-migrations (= 1.1.0)
  dm-mysql-adapter (= 1.1.0)
  dm-pager (= 1.1.0)
  dm-postgres-adapter (= 1.1.0)
  dm-sqlite-adapter (= 1.1.0)
  dm-tags!
  dm-timestamps (= 1.1.0)
  dm-types!
  dm-validations (= 1.1.0)
  erubis (= 2.6.6)
  haml (= 3.1.1)
  i18n (= 0.5.0)
  nokogiri
  rack (= 1.3.2)
  rack-flash (= 0.1.1)
  rack-test (= 0.6.0)
  rake (= 0.8.7)
  rspec (~> 2.5)
  sass (= 3.1.1)
  simplecov
  sinatra (= 1.3.0)
  sinatra-content-for (= 0.2)
  sinatra-r18n (= 0.4.9)
  slim (= 0.9.2)
  tux
