GEM
  remote: https://rubygems.org/
  specs:
    RedCloth (4.2.9)
    actionpack (3.2.17)
      activemodel (= 3.2.17)
      activesupport (= 3.2.17)
      builder (~> 3.0.0)
      erubis (~> 2.7.0)
      journey (~> 1.0.4)
      rack (~> 1.4.5)
      rack-cache (~> 1.2)
      rack-test (~> 0.6.1)
      sprockets (~> 2.2.1)
    activemodel (3.2.17)
      activesupport (= 3.2.17)
      builder (~> 3.0.0)
    activerecord (3.2.17)
      activemodel (= 3.2.17)
      activesupport (= 3.2.17)
      arel (~> 3.0.2)
      tzinfo (~> 0.3.29)
    activesupport (3.2.17)
      i18n (~> 0.6, >= 0.6.4)
      multi_json (~> 1.0)
    arel (3.0.3)
    backports (2.3.0)
    bcrypt-ruby (3.0.1)
    bond (0.4.3)
    builder (3.0.0)
    chunky_png (1.3.0)
    coderay (1.0.5)
    compass (0.12.2)
      chunky_png (~> 1.2)
      fssm (>= 0.2.7)
      sass (~> 3.1)
    database_cleaner (0.7.1)
    diff-lcs (1.1.3)
    docile (1.1.3)
    erubis (2.7.0)
    eventmachine (1.0.3)
    expression_parser (0.9.0)
    factory_girl (2.6.1)
      activesupport (>= 2.3.9)
    fssm (0.2.10)
    haml (3.1.8)
    hike (1.2.3)
    http_router (0.10.2)
      rack (>= 1.0.0)
      url_mount (~> 0.2.1)
    i18n (0.6.9)
    journey (1.0.4)
    kaminari (0.14.1)
      actionpack (>= 3.0.0)
      activesupport (>= 3.0.0)
    kramdown (1.3.2)
    method_source (0.8.2)
    multi_json (1.9.0)
    mysql2 (0.3.15)
    nokogiri (1.5.11)
    padrino-core (0.10.6)
      activesupport (~> 3.2.0)
      http_router (~> 0.10.2)
      sinatra (~> 1.3.1)
      thor (~> 0.14.3)
      tilt (~> 1.3.0)
    padrino-helpers (0.10.6)
      i18n (~> 0.6)
      padrino-core (= 0.10.6)
    pg (0.17.1)
    pry (0.9.12.6)
      coderay (~> 1.0)
      method_source (~> 0.8)
      slop (~> 3.4)
    rack (1.4.5)
    rack-cache (1.2)
      rack (>= 0.4)
    rack-flash (0.1.2)
      rack
    rack-protection (1.5.2)
      rack
    rack-test (0.6.1)
      rack (>= 1.0)
    rake (0.9.6)
    redcarpet (3.1.1)
    ripl (0.7.0)
      bond (~> 0.4.2)
    ripl-multi_line (0.3.1)
      ripl (>= 0.3.6)
    ripl-rack (0.2.0)
      rack (>= 1.0)
      rack-test (>= 0.5)
      ripl (>= 0.3.5)
    rspec (2.8.0)
      rspec-core (~> 2.8.0)
      rspec-expectations (~> 2.8.0)
      rspec-mocks (~> 2.8.0)
    rspec-core (2.8.0)
    rspec-expectations (2.8.0)
      diff-lcs (~> 1.1.2)
    rspec-mocks (2.8.0)
    sass (3.1.21)
    simplecov (0.8.2)
      docile (~> 1.1.0)
      multi_json
      simplecov-html (~> 0.8.0)
    simplecov-html (0.8.0)
    sinatra (1.3.6)
      rack (~> 1.4)
      rack-protection (~> 1.3)
      tilt (~> 1.3, >= 1.3.3)
    sinatra-contrib (1.3.2)
      backports (>= 2.0)
      eventmachine
      rack-protection
      rack-test
      sinatra (~> 1.3.0)
      tilt (~> 1.3)
    sinatra-flash (0.3.0)
      sinatra (>= 1.0.0)
    slim (0.9.3)
      temple (~> 0.3.0)
      tilt (~> 1.2)
    slop (3.5.0)
    sprockets (2.2.2)
      hike (~> 1.2)
      multi_json (~> 1.0)
      rack (~> 1.0)
      tilt (~> 1.1, != 1.3.0)
    sqlite3 (1.3.9)
    stringex (1.3.2)
    tapp (1.3.0)
      thor
    temple (0.3.5)
    thor (0.14.6)
    tilt (1.3.7)
    tux (0.3.0)
      ripl (>= 0.3.5)
      ripl-multi_line (>= 0.2.4)
      ripl-rack (>= 0.2.0)
      sinatra (>= 1.2.1)
    tzinfo (0.3.39)
    url_mount (0.2.1)
      rack
    wikicloth (0.7.1)
      builder
      expression_parser
    yard (0.8.7.3)
    yard-sinatra (1.0.0)
      yard (~> 0.7)

PLATFORMS
  ruby

DEPENDENCIES
  RedCloth (= 4.2.9)
  activerecord
  backports (= 2.3.0)
  bcrypt-ruby
  builder (= 3.0.0)
  bundler
  coderay (= 1.0.5)
  compass
  database_cleaner (= 0.7.1)
  erubis (~> 2.7.0)
  factory_girl (= 2.6.1)
  haml (~> 3.1.1)
  i18n
  kaminari (~> 0.14.0)
  kramdown
  mysql2
  nokogiri (~> 1.5.2)
  padrino-helpers (~> 0.10.5)
  pg
  pry
  rack
  rack-flash
  rack-test (= 0.6.1)
  rake (~> 0.9.2)
  redcarpet
  rspec (= 2.8.0)
  sass (~> 3.1.1)
  simplecov
  sinatra
  sinatra-contrib
  sinatra-flash
  slim (~> 0.9.2)
  sqlite3
  stringex (= 1.3.2)
  tapp (= 1.3.0)
  tux
  wikicloth (= 0.7.1)
  yard-sinatra (= 1.0.0)
